GEM
  remote: https://rubygems.org/
  specs:
    crud-service (0.0.9)
      dalli (~> 2.6.4, >= 2.6.4)
      json (~> 1.8.0, >= 1.8.0)
      mysql2 (~> 0.3.13, >= 0.3.13)
      sinatra (~> 1.4.3, >= 1.4.3)
    daemons (1.1.9)
    dalli (2.6.4)
    diff-lcs (1.2.5)
    eventmachine (1.0.3)
    json (1.8.1)
    mysql2 (0.3.14)
    rack (1.5.2)
    rack-protection (1.5.1)
      rack
    rack-test (0.6.2)
      rack (>= 1.0)
    rspec (2.14.1)
      rspec-core (~> 2.14.0)
      rspec-expectations (~> 2.14.0)
      rspec-mocks (~> 2.14.0)
    rspec-core (2.14.7)
    rspec-expectations (2.14.4)
      diff-lcs (>= 1.1.3, < 2.0)
    rspec-mocks (2.14.4)
    sinatra (1.4.4)
      rack (~> 1.4)
      rack-protection (~> 1.4)
      tilt (~> 1.3, >= 1.3.4)
    thin (1.6.1)
      daemons (>= 1.0.9)
      eventmachine (>= 1.0.0)
      rack (>= 1.0.0)
    tilt (1.4.1)

PLATFORMS
  ruby

DEPENDENCIES
  crud-service
  dalli
  json
  mysql2
  rack-test
  rspec
  rspec-mocks
  sinatra
  thin
